GEM
  specs:
    execjs (1.3.0)
      multi_json (~> 1.0)
    multi_json (1.2.0)
    nokogiri (1.5.2)
    uglifier (1.2.4)
      execjs (>= 0.3.0)
      multi_json (>= 1.0.2)

PLATFORMS
  ruby

DEPENDENCIES
  nokogiri
  uglifier
